GEM
  remote: https://rubygems.org/
  specs:
    grpc-tools (1.67.0)

PLATFORMS
  arm64-darwin-23
  ruby

DEPENDENCIES
  grpc-tools

BUNDLED WITH
   2.5.18
